GEM
  remote: https://rubygems.org/
  specs:
    colorize (0.7.7)
    domain_name (0.5.20160615)
      unf (>= 0.0.5, < 1.0.0)
    http-cookie (1.0.2)
      domain_name (~> 0.5)
    mime-types (2.99.2)
    netrc (0.11.0)
    redis (3.3.0)
    rest-client (1.8.0)
      http-cookie (>= 1.0.2, < 2.0)
      mime-types (>= 1.16, < 3.0)
      netrc (~> 0.7)
    slop (4.3.0)
    unf (0.1.4)
      unf_ext
    unf_ext (0.0.7.2)
    wannabe_bool (0.5.0)

PLATFORMS
  ruby

DEPENDENCIES
  colorize
  redis (~> 3.2)
  rest-client
  slop
  wannabe_bool
